GEM
  remote: https://rubygems.org/
  specs:
    motion-csv (0.0.2)
    rake (10.1.0)

PLATFORMS
  ruby

DEPENDENCIES
  motion-csv
  rake
